GEM
  specs:
    rspec-core (3.5.2)
      rspec-support (~> 3.5.0)
    rspec-support (3.5.0)

PLATFORMS
  ruby

DEPENDENCIES
  rspec-core

BUNDLED WITH
   1.12.5
